GEM
  remote: https://rubygems.org/
  specs:
    license_finder (7.1.0)
      bundler
      rubyzip (>= 1, < 3)
      thor (~> 1.2)
      tomlrb (>= 1.3, < 2.1)
      with_env (= 1.1.0)
      xml-simple (~> 1.1.9)
    rexml (3.2.6)
    rubyzip (2.3.2)
    thor (1.2.2)
    tomlrb (2.0.3)
    with_env (1.1.0)
    xml-simple (1.1.9)
      rexml

PLATFORMS
  aarch64-linux
  arm64-darwin-22

DEPENDENCIES
  license_finder

BUNDLED WITH
   2.4.19
